GEM
  remote: https://rubygems.org/
  specs:
    pg (0.17.1)
    sequel (4.9.0)

PLATFORMS
  ruby

DEPENDENCIES
  pg (~> 0.17.1)
  sequel (~> 4.9.0)
